PATH
  remote: .
  specs:
    plaintext (0.1.0)
      ffi

GEM
  remote: https://rubygems.org/
  specs:
    ffi (1.11.3)
    m (1.5.1)
      method_source (>= 0.6.7)
      rake (>= 0.9.2.2)
    method_source (0.9.2)
    minitest (5.13.0)
    rake (10.5.0)

PLATFORMS
  ruby

DEPENDENCIES
  bundler (~> 2.0)
  m (~> 1.5.0)
  minitest (~> 5.0)
  plaintext!
  rake (~> 10.0)

BUNDLED WITH
   2.0.2
